GEM
  remote: https://rubygems.org/
  specs:
    diff-lcs (1.2.5)
    flexmock (2.0.3)
    haml (3.0.25)
    hanna-nouveau (0.4.2)
      haml (= 3.0.25)
      rdoc (~> 4.0)
    highline (1.7.8)
    json (1.8.3)
    minitest (5.8.3)
    power_assert (0.2.6)
    rake (10.4.2)
    rdoc (4.2.2)
      json (~> 1.4)
    rspec (3.4.0)
      rspec-core (~> 3.4.0)
      rspec-expectations (~> 3.4.0)
      rspec-mocks (~> 3.4.0)
    rspec-core (3.4.1)
      rspec-support (~> 3.4.0)
    rspec-expectations (3.4.0)
      diff-lcs (>= 1.2.0, < 2.0)
      rspec-support (~> 3.4.0)
    rspec-mocks (3.4.0)
      diff-lcs (>= 1.2.0, < 2.0)
      rspec-support (~> 3.4.0)
    rspec-support (3.4.1)
    simple-rss (1.3.1)
    test-unit (3.1.5)
      power_assert

PLATFORMS
  ruby

DEPENDENCIES
  flexmock
  hanna-nouveau
  highline
  minitest
  rake
  rspec
  simple-rss (~> 1.3, >= 1.3.1)
  test-unit (~> 3.1, >= 3.1.5)

BUNDLED WITH
   1.11.2
