GEM
  remote: https://rubygems.org/
  specs:
    flexmock (2.0.3)
    minitest (5.8.3)
    power_assert (0.2.6)
    rake (10.4.2)
    test-unit (3.1.5)
      power_assert

PLATFORMS
  ruby

DEPENDENCIES
  flexmock
  minitest
  rake
  test-unit (~> 3.1, >= 3.1.5)

BUNDLED WITH
   1.10.6
